GEM
  remote: http://rubygems.org/
  specs:
    ansi (1.4.3)
    ast (2.0.0)
    builder (3.2.2)
    docile (1.1.5)
    hashie (3.2.0)
    json (1.8.1)
    minitest (5.1.0)
    minitest-reporters (1.0.0)
      ansi
      builder
      minitest (>= 5.0)
      powerbar
    multi_json (1.10.1)
    parser (2.1.9)
      ast (>= 1.1, < 3.0)
      slop (~> 3.4, >= 3.4.5)
    powerbar (1.0.11)
      ansi (~> 1.4.0)
      hashie (>= 1.1.0)
    powerpack (0.0.9)
    rainbow (2.0.0)
    rake (10.3.2)
    rubocop (0.18.1)
      json (>= 1.7.7, < 2)
      parser (~> 2.1.3)
      powerpack (~> 0.0.6)
      rainbow (>= 1.99.1, < 3.0)
    simplecov (0.8.2)
      docile (~> 1.1.0)
      multi_json
      simplecov-html (~> 0.8.0)
    simplecov-html (0.8.0)
    slop (3.6.0)

PLATFORMS
  ruby

DEPENDENCIES
  json (= 1.8.1)
  minitest (= 5.1.0)
  minitest-reporters (= 1.0.0)
  rake
  rubocop (= 0.18.1)
  simplecov (= 0.8.2)
